PATH
  remote: .
  specs:
    maildir-queue (1.0.0)
      json
      maildir (~> 1.0.0)
      sinatra

GEM
  remote: http://rubygems.org/
  specs:
    json (1.4.6)
    ktheory-fakefs (0.2.1.1)
    maildir (1.0.0)
    rack (1.2.1)
    rack-test (0.5.6)
      rack (>= 1.0)
    rake (0.8.7)
    shoulda (2.11.3)
    sinatra (1.1.0)
      rack (~> 1.1)
      tilt (~> 1.1)
    tilt (1.1)

PLATFORMS
  ruby

DEPENDENCIES
  json
  ktheory-fakefs
  maildir (~> 1.0.0)
  maildir-queue!
  rack-test
  rake
  shoulda
  sinatra
